GEM
  remote: https://rubygems.org/
  specs:
    activemodel (6.0.3.4)
      activesupport (= 6.0.3.4)
    activerecord (6.0.3.4)
      activemodel (= 6.0.3.4)
      activesupport (= 6.0.3.4)
    activesupport (6.0.3.4)
      concurrent-ruby (~> 1.0, >= 1.0.2)
      i18n (>= 0.7, < 2)
      minitest (~> 5.1)
      tzinfo (~> 1.1)
      zeitwerk (~> 2.2, >= 2.2.2)
    ast (2.4.2)
    bcrypt (3.1.16)
    builder (3.2.4)
    coderay (1.1.3)
    concurrent-ruby (1.1.8)
    database_cleaner (1.8.5)
    database_cleaner-active_record (1.8.0)
      activerecord
      database_cleaner (~> 1.8.0)
    diff-lcs (1.4.4)
    dotenv (2.7.6)
    dry-configurable (0.12.0)
      concurrent-ruby (~> 1.0)
      dry-core (~> 0.5, >= 0.5.0)
    dry-container (0.7.2)
      concurrent-ruby (~> 1.0)
      dry-configurable (~> 0.1, >= 0.1.3)
    dry-core (0.5.0)
      concurrent-ruby (~> 1.0)
    dry-inflector (0.2.0)
    dry-logic (1.1.0)
      concurrent-ruby (~> 1.0)
      dry-core (~> 0.5, >= 0.5)
    dry-types (1.5.0)
      concurrent-ruby (~> 1.0)
      dry-container (~> 0.3)
      dry-core (~> 0.5, >= 0.5)
      dry-inflector (~> 0.1, >= 0.1.2)
      dry-logic (~> 1.0, >= 1.0.2)
    factory_bot (6.1.0)
      activesupport (>= 5.0.0)
    grape (1.5.1)
      activesupport
      builder
      dry-types (>= 1.1)
      mustermann-grape (~> 1.0.0)
      rack (>= 1.3.0)
      rack-accept
    grape-entity (0.8.2)
      activesupport (>= 3.0.0)
      multi_json (>= 1.3.2)
    grape-middleware-logger (1.12.0)
      grape (>= 0.17)
    grape-swagger (1.3.1)
      grape (~> 1.3)
    grape-swagger-entity (0.5.1)
      grape-entity (>= 0.6.0)
      grape-swagger (>= 1.2.0)
    hashie (4.1.0)
    hashie-forbidden_attributes (0.1.1)
      hashie (>= 3.0)
    httparty (0.18.1)
      mime-types (~> 3.0)
      multi_xml (>= 0.5.2)
    i18n (1.8.7)
      concurrent-ruby (~> 1.0)
    jwt (2.2.2)
    method_source (1.0.0)
    mime-types (3.3.1)
      mime-types-data (~> 3.2015)
    mime-types-data (3.2020.1104)
    minitest (5.14.3)
    multi_json (1.15.0)
    multi_xml (0.6.0)
    mustermann (1.1.1)
      ruby2_keywords (~> 0.0.1)
    mustermann-grape (1.0.1)
      mustermann (>= 1.0.0)
    mysql2 (0.5.3)
    nio4r (2.5.4)
    otr-activerecord (1.4.1)
      activerecord (>= 4.0, < 6.1)
      hashie-forbidden_attributes (~> 0.1)
    parallel (1.20.1)
    parser (3.0.0.0)
      ast (~> 2.4.1)
    pry (0.13.1)
      coderay (~> 1.1)
      method_source (~> 1.0)
    puma (5.1.1)
      nio4r (~> 2.0)
    rack (2.2.3)
    rack-accept (0.4.5)
      rack (>= 0.4)
    rack-cors (1.1.1)
      rack (>= 2.0.0)
    rack-test (1.1.0)
      rack (>= 1.0, < 3)
    rainbow (3.0.0)
    rake (13.0.3)
    redis (4.2.5)
    regexp_parser (2.0.3)
    rexml (3.2.4)
    rspec (3.10.0)
      rspec-core (~> 3.10.0)
      rspec-expectations (~> 3.10.0)
      rspec-mocks (~> 3.10.0)
    rspec-core (3.10.1)
      rspec-support (~> 3.10.0)
    rspec-expectations (3.10.1)
      diff-lcs (>= 1.2.0, < 2.0)
      rspec-support (~> 3.10.0)
    rspec-mocks (3.10.1)
      diff-lcs (>= 1.2.0, < 2.0)
      rspec-support (~> 3.10.0)
    rspec-support (3.10.1)
    rubocop (1.8.1)
      parallel (~> 1.10)
      parser (>= 3.0.0.0)
      rainbow (>= 2.2.2, < 4.0)
      regexp_parser (>= 1.8, < 3.0)
      rexml
      rubocop-ast (>= 1.2.0, < 2.0)
      ruby-progressbar (~> 1.7)
      unicode-display_width (>= 1.4.0, < 3.0)
    rubocop-ast (1.4.1)
      parser (>= 2.7.1.5)
    ruby-progressbar (1.11.0)
    ruby2_keywords (0.0.4)
    thread_safe (0.3.6)
    tzinfo (1.2.9)
      thread_safe (~> 0.1)
    unicode-display_width (2.0.0)
    zeitwerk (2.4.2)

PLATFORMS
  ruby
  x86_64-darwin-18

DEPENDENCIES
  activerecord
  bcrypt
  database_cleaner-active_record
  dotenv
  factory_bot
  grape
  grape-entity
  grape-middleware-logger
  grape-swagger
  grape-swagger-entity
  httparty
  jwt
  mysql2
  otr-activerecord
  pry
  puma
  rack-cors
  rack-test
  rake
  redis
  rspec
  rubocop

BUNDLED WITH
   2.2.6
